PATH
  remote: .
  specs:
    login_with_github (0.1.0)
      rake (~> 12.0)

GEM
  remote: https://rubygems.org/
  specs:
    rake (12.3.0)

PLATFORMS
  ruby

DEPENDENCIES
  login_with_github!

BUNDLED WITH
   2.1.4
