PATH
  remote: .
  specs:
    login_with_github (1.0.0)
      cgi (~> 0.1.0)
      json (~> 2)
      rake (~> 13.0)
      yaml (~> 0.1.0)

GEM
  remote: https://rubygems.org/
  specs:
    cgi (0.1.0)
    diff-lcs (1.4.4)
    json (2.3.1)
    rake (13.0.1)
    rspec (3.9.0)
      rspec-core (~> 3.9.0)
      rspec-expectations (~> 3.9.0)
      rspec-mocks (~> 3.9.0)
    rspec-core (3.9.3)
      rspec-support (~> 3.9.3)
    rspec-expectations (3.9.2)
      diff-lcs (>= 1.2.0, < 2.0)
      rspec-support (~> 3.9.0)
    rspec-mocks (3.9.1)
      diff-lcs (>= 1.2.0, < 2.0)
      rspec-support (~> 3.9.0)
    rspec-support (3.9.3)
    yaml (0.1.0)

PLATFORMS
  ruby

DEPENDENCIES
  login_with_github!
  rspec (~> 3)

BUNDLED WITH
   2.1.4
